PATH
  remote: .
  specs:
    smart_validator (0.4.0)
      qonfig (~> 0.28)
      smart_initializer (~> 0.11)
      smart_schema (~> 0.11)

GEM
  remote: https://rubygems.org/
  specs:
    activesupport (7.1.3.2)
      base64
      bigdecimal
      concurrent-ruby (~> 1.0, >= 1.0.2)
      connection_pool (>= 2.2.5)
      drb
      i18n (>= 1.6, < 2)
      minitest (>= 5.1)
      mutex_m
      tzinfo (~> 2.0)
    armitage-rubocop (1.59.0)
      rubocop (= 1.59.0)
      rubocop-capybara (= 2.19.0)
      rubocop-factory_bot (= 2.24.0)
      rubocop-performance (= 1.20.1)
      rubocop-rails (= 2.23.1)
      rubocop-rake (= 0.6.0)
      rubocop-rspec (= 2.25.0)
    ast (2.4.2)
    base64 (0.2.0)
    bigdecimal (3.1.7)
    bundler-audit (0.9.1)
      bundler (>= 1.2.0, < 3)
      thor (~> 1.0)
    ci-helper (0.6.0)
      colorize (~> 1.1)
      dry-inflector (~> 1.0)
      umbrellio-sequel-plugins (~> 0.14)
    coderay (1.1.3)
    colorize (1.1.0)
    concurrent-ruby (1.2.3)
    connection_pool (2.4.1)
    diff-lcs (1.5.1)
    docile (1.4.0)
    drb (2.2.1)
    dry-inflector (1.0.0)
    i18n (1.14.4)
      concurrent-ruby (~> 1.0)
    json (2.7.1)
    language_server-protocol (3.17.0.3)
    method_source (1.0.0)
    minitest (5.22.3)
    mutex_m (0.2.0)
    parallel (1.24.0)
    parser (3.3.0.5)
      ast (~> 2.4.1)
      racc
    pry (0.14.2)
      coderay (~> 1.1)
      method_source (~> 1.0)
    qonfig (0.28.0)
    racc (1.7.3)
    rack (3.0.9.1)
    rainbow (3.1.1)
    rake (13.1.0)
    regexp_parser (2.9.0)
    rexml (3.2.6)
    rspec (3.13.0)
      rspec-core (~> 3.13.0)
      rspec-expectations (~> 3.13.0)
      rspec-mocks (~> 3.13.0)
    rspec-core (3.13.0)
      rspec-support (~> 3.13.0)
    rspec-expectations (3.13.0)
      diff-lcs (>= 1.2.0, < 2.0)
      rspec-support (~> 3.13.0)
    rspec-mocks (3.13.0)
      diff-lcs (>= 1.2.0, < 2.0)
      rspec-support (~> 3.13.0)
    rspec-support (3.13.1)
    rubocop (1.59.0)
      json (~> 2.3)
      language_server-protocol (>= 3.17.0)
      parallel (~> 1.10)
      parser (>= 3.2.2.4)
      rainbow (>= 2.2.2, < 4.0)
      regexp_parser (>= 1.8, < 3.0)
      rexml (>= 3.2.5, < 4.0)
      rubocop-ast (>= 1.30.0, < 2.0)
      ruby-progressbar (~> 1.7)
      unicode-display_width (>= 2.4.0, < 3.0)
    rubocop-ast (1.31.2)
      parser (>= 3.3.0.4)
    rubocop-capybara (2.19.0)
      rubocop (~> 1.41)
    rubocop-factory_bot (2.24.0)
      rubocop (~> 1.33)
    rubocop-performance (1.20.1)
      rubocop (>= 1.48.1, < 2.0)
      rubocop-ast (>= 1.30.0, < 2.0)
    rubocop-rails (2.23.1)
      activesupport (>= 4.2.0)
      rack (>= 1.1)
      rubocop (>= 1.33.0, < 2.0)
      rubocop-ast (>= 1.30.0, < 2.0)
    rubocop-rake (0.6.0)
      rubocop (~> 1.0)
    rubocop-rspec (2.25.0)
      rubocop (~> 1.40)
      rubocop-capybara (~> 2.17)
      rubocop-factory_bot (~> 2.22)
    ruby-progressbar (1.13.0)
    sequel (5.78.0)
      bigdecimal
    simplecov (0.22.0)
      docile (~> 1.1)
      simplecov-html (~> 0.11)
      simplecov_json_formatter (~> 0.1)
    simplecov-html (0.12.3)
    simplecov-lcov (0.8.0)
    simplecov_json_formatter (0.1.4)
    smart_engine (0.17.0)
    smart_initializer (0.11.1)
      qonfig (~> 0.24)
      smart_engine (~> 0.16)
      smart_types (~> 0.8)
    smart_schema (0.11.0)
      smart_engine (~> 0.17)
      smart_types (~> 0.8)
    smart_types (0.8.0)
      smart_engine (~> 0.11)
    symbiont-ruby (0.7.0)
    thor (1.3.1)
    tzinfo (2.0.6)
      concurrent-ruby (~> 1.0)
    umbrellio-sequel-plugins (0.14.0.192)
      sequel
      symbiont-ruby
    unicode-display_width (2.5.0)

PLATFORMS
  arm64-darwin-23
  ruby

DEPENDENCIES
  armitage-rubocop (~> 1.59)
  bundler-audit (~> 0.9)
  ci-helper (~> 0.6)
  pry (~> 0.14)
  rake (~> 13.1)
  rspec (~> 3.13)
  simplecov (~> 0.22)
  simplecov-lcov (~> 0.8)
  smart_validator!

BUNDLED WITH
   2.5.3
